PATH
  remote: .
  specs:
    composable_builders (0.1.2)

GEM
  remote: http://rubygems.org/
  specs:
    activesupport (3.2.2)
      i18n (~> 0.6)
      multi_json (~> 1.0)
    i18n (0.6.1)
    json (2.0.2)
    multi_json (1.3.6)
    rake (0.9.2.2)
    rdoc (3.12)
      json (~> 2.0)

PLATFORMS
  ruby

DEPENDENCIES
  activesupport
  composable_builders!
  rake (>= 0.9.2)
  rdoc (>= 3.12)

BUNDLED WITH
   1.11.2
